PATH
  remote: ../thomler
  specs:
    thomler (0.1.9)
      rack

GEM
  remote: https://rubygems.org/
  specs:
    rack (1.6.0)

PLATFORMS
  ruby

DEPENDENCIES
  thomler!
