PATH
  remote: ../thomler
  specs:
    thomler (0.2.8)
      erubis
      rack

GEM
  remote: https://rubygems.org/
  specs:
    erubis (2.7.0)
    rack (1.6.0)

PLATFORMS
  ruby

DEPENDENCIES
  thomler!
