GEM
  remote: https://rubygems.org/
  specs:
    thomler (0.0.2)

PLATFORMS
  ruby

DEPENDENCIES
  thomler
