PATH
  remote: ../thomler
  specs:
    thomler (0.2.3)
      rack

GEM
  remote: https://rubygems.org/
  specs:
    rack (1.6.0)

PLATFORMS
  ruby

DEPENDENCIES
  thomler!
