GEM
  remote: https://rubygems.org/
  specs:
    thomler (0.0.5)

PLATFORMS
  ruby

DEPENDENCIES
  thomler
